GEM
  remote: http://rubygems.org/
  specs:
    gli (2.9.0)
    hacer (0.0.3)

PLATFORMS
  ruby

DEPENDENCIES
  gli
  hacer
